NUGET
  remote: https://nuget.org/api/v2
  specs:
    NICE.Freya (1.0.33)
    NICE.git2prov (1.0.9)
