NUGET
  remote: https://nuget.org/api/v2
  specs:
    NICE.Freya (1.2.22)
    NICE.git2prov (1.2.8)
