NUGET
  remote: https://nuget.org/api/v2
  specs:
    NICE.Freya (1.0.7)
    NICE.git2prov (1.0.4)
